GEM
  remote: http://rubygems.org/
  specs:
    bson (1.7.0)
    bson_ext (1.7.0)
      bson (~> 1.7.0)
    cinch (1.1.3)
    cleverbot (0.1.1)
      httparty (~> 0.8.0)
    columnize (0.3.6)
    debugger (1.2.0)
      columnize (>= 0.3.1)
      debugger-linecache (~> 1.1.1)
      debugger-ruby_core_source (~> 1.1.3)
    debugger-linecache (1.1.2)
      debugger-ruby_core_source (>= 1.1.1)
    debugger-ruby_core_source (1.1.3)
    httparty (0.8.3)
      multi_json (~> 1.0)
      multi_xml
    mongo (1.7.0)
      bson (~> 1.7.0)
    multi_json (1.3.6)
    multi_xml (0.5.1)

PLATFORMS
  ruby

DEPENDENCIES
  bson_ext
  cinch
  cleverbot
  debugger
  mongo
