GEM
  remote: http://rubygems.org/
  specs:
    bson (1.7.0)
    bson_ext (1.7.0)
      bson (~> 1.7.0)
    cinch (1.1.3)
    columnize (0.3.6)
    debugger (1.2.0)
      columnize (>= 0.3.1)
      debugger-linecache (~> 1.1.1)
      debugger-ruby_core_source (~> 1.1.3)
    debugger-linecache (1.1.2)
      debugger-ruby_core_source (>= 1.1.1)
    debugger-ruby_core_source (1.1.3)
    mongo (1.7.0)
      bson (~> 1.7.0)

PLATFORMS
  ruby

DEPENDENCIES
  bson_ext
  cinch
  debugger
  mongo
