GEM
  remote: http://rubygems.org/
  specs:
    cinch (2.0.3)
    cleverbot (0.1.1)
      httparty (~> 0.8.0)
    coderay (1.0.8)
    httparty (0.8.3)
      multi_json (~> 1.0)
      multi_xml
    method_source (0.8.1)
    multi_json (1.3.6)
    multi_xml (0.5.1)
    pry (0.9.10)
      coderay (~> 1.0.5)
      method_source (~> 0.8)
      slop (~> 3.3.1)
    slop (3.3.3)

PLATFORMS
  ruby

DEPENDENCIES
  cinch
  cleverbot
  pry
